NUGET
  remote: https://www.nuget.org/api/v2
    iTextSharp (5.5.11)
